GEM
  remote: https://rubygems.org/
  specs:
    mime-types (2.4.3)
    rack (1.6.0)
    rack-protection (1.5.3)
      rack
    refile (0.5.0)
      mime-types
      sinatra (~> 1.4.5)
    sinatra (1.4.5)
      rack (~> 1.4)
      rack-protection (~> 1.4)
      tilt (~> 1.3, >= 1.3.4)
    tilt (1.4.1)

PLATFORMS
  ruby

DEPENDENCIES
  refile
